GIT
  remote: git://github.com/mrkn/benchmark-driver.git
  revision: 6d6fb3c70de29cbbf16397ebf0f20ca26ccdac14
  branch: memory-runner-for-mac
  specs:
    benchmark_driver (0.14.12)

GEM
  remote: https://rubygems.org/
  specs:
    activemodel (5.2.2)
      activesupport (= 5.2.2)
    activerecord (5.2.2)
      activemodel (= 5.2.2)
      activesupport (= 5.2.2)
      arel (>= 9.0)
    activesupport (5.2.2)
      concurrent-ruby (~> 1.0, >= 1.0.2)
      i18n (>= 0.7, < 2)
      minitest (~> 5.1)
      tzinfo (~> 1.1)
    arel (9.0.0)
    concurrent-ruby (1.1.3)
    diff-lcs (1.3)
    faker (1.9.1)
      i18n (>= 0.7)
    glib2 (3.3.0)
      native-package-installer (>= 1.0.3)
      pkg-config (>= 1.2.2)
    gobject-introspection (3.3.0)
      glib2 (= 3.3.0)
    i18n (1.1.1)
      concurrent-ruby (~> 1.0)
    matplotlib (1.0.0)
      pycall (>= 1.0.0)
    minitest (5.11.3)
    mysql2 (0.5.2)
    native-package-installer (1.0.6)
    pandas (0.3.1)
      pycall (>= 1.0.0)
    pg (1.1.3)
    pkg-config (1.3.2)
    pycall (1.0.3)
    rake (12.3.2)
    rake-compiler (1.0.5)
      rake
    red-arrow (0.11.0)
      gobject-introspection (>= 3.1.1)
      native-package-installer
      pkg-config
    rspec (3.8.0)
      rspec-core (~> 3.8.0)
      rspec-expectations (~> 3.8.0)
      rspec-mocks (~> 3.8.0)
    rspec-core (3.8.0)
      rspec-support (~> 3.8.0)
    rspec-expectations (3.8.2)
      diff-lcs (>= 1.2.0, < 2.0)
      rspec-support (~> 3.8.0)
    rspec-mocks (3.8.0)
      diff-lcs (>= 1.2.0, < 2.0)
      rspec-support (~> 3.8.0)
    rspec-support (3.8.0)
    thread_safe (0.3.6)
    tzinfo (1.2.5)
      thread_safe (~> 0.1)

PLATFORMS
  ruby

DEPENDENCIES
  activerecord (~> 5.2.0)
  benchmark_driver!
  faker
  matplotlib
  mysql2
  pandas
  pg
  rake-compiler
  red-arrow
  rspec

BUNDLED WITH
   1.17.2
